GEM
  remote: http://rubygems.org/
  specs:
    foreman (0.84.0)
      thor (~> 0.19.1)
    thor (0.19.4)

PLATFORMS
  ruby

DEPENDENCIES
  foreman

BUNDLED WITH
   1.14.5
